GEM
  remote: https://rubygems.org/
  specs:
    json (2.0.2)
    mini_portile2 (2.1.0)
    minitest (5.9.0)
    nokogiri (1.6.8)
      mini_portile2 (~> 2.1.0)
      pkg-config (~> 1.1.7)
    pkg-config (1.1.7)
    rack (1.6.4)
    rack-protection (1.5.3)
      rack
    rack-test (0.6.3)
      rack (>= 1.0)
    rake (11.2.2)
    sinatra (1.4.7)
      rack (~> 1.5)
      rack-protection (~> 1.4)
      tilt (>= 1.3, < 3)
    sinatra-cross_origin (0.3.2)
    sinatra-param (1.4.0)
      sinatra (~> 1.3)
    tilt (2.0.5)

PLATFORMS
  ruby

DEPENDENCIES
  json
  minitest
  nokogiri
  rack-test
  rake
  sinatra
  sinatra-cross_origin
  sinatra-param

RUBY VERSION
   ruby 2.3.1p112

BUNDLED WITH
   1.12.5
